GEM
  remote: http://rubygems.org/
  specs:
    activemodel (3.2.1)
      activesupport (= 3.2.1)
      builder (~> 3.0.0)
    activerecord (3.2.1)
      activemodel (= 3.2.1)
      activesupport (= 3.2.1)
      arel (~> 3.0.0)
      tzinfo (~> 0.3.29)
    activesupport (3.2.1)
      i18n (~> 0.6)
      multi_json (~> 1.0)
    addressable (2.2.6)
    arel (3.0.0)
    bcrypt-ruby (3.0.1)
    builder (3.0.0)
    daemons (1.1.8)
    eventmachine (0.12.10)
    foreman (0.38.0)
      term-ansicolor (~> 1.0.7)
      thor (>= 0.13.6)
    heroku (2.19.2)
      launchy (>= 0.3.2)
      rest-client (~> 1.6.1)
      rubyzip
      term-ansicolor (~> 1.0.5)
    i18n (0.6.0)
    launchy (2.0.5)
      addressable (~> 2.2.6)
    mime-types (1.17.2)
    multi_json (1.0.4)
    mysql (2.8.1)
    pg (0.12.2)
    rack (1.4.1)
    rack-test (0.6.1)
      rack (>= 1.0)
    rake (0.9.2.2)
    rest-client (1.6.7)
      mime-types (>= 1.16)
    rubyzip (0.9.5)
    sinatra (1.1.0)
      rack (~> 1.1)
      tilt (~> 1.1)
    term-ansicolor (1.0.7)
    thin (1.2.7)
      daemons (>= 1.0.9)
      eventmachine (>= 0.12.6)
      rack (>= 1.0.0)
    thor (0.14.6)
    tilt (1.3.3)
    tzinfo (0.3.31)

PLATFORMS
  ruby

DEPENDENCIES
  activerecord
  bcrypt-ruby
  foreman
  heroku
  mysql
  pg
  rack
  rack-test
  rake
  sinatra (= 1.1.0)
  thin (= 1.2.7)
